{
	"ECGChannelCount": 0,
	"EEGChannelCount": 361,
	"EMGChannelCount": 0,
	"EOGChannelCount": 0,
	"InstitutionAddress": "Marchstr. 23, 10587, Berlin, Germany",
	"InstitutionName": "Technische Universitaet Berlin",
	"InstitutionalDepartmentName": "Junior research group FANS (Pedestrian Assistance System for Older Road Users), Department of Psychology and Ergonomics",
	"MiscChannelCount": 0,
	"RecordingDuration": 4667.641106,
	"SamplingFrequency": 250.001012,
	"TaskDescription": "Younger and older adults performed a visual discrimination task (button presses to peripheral presented LED flashes) during walking. Visual targets were either presented with or without preceding vibro-tactile cues",
	"TaskName": "walking",
	"TriggerChannelCount": 1
}
